GEM
  remote: https://rubygems.org/
  specs:
    ast (2.4.2)
    chef-utils (17.7.29)
      concurrent-ruby
    concurrent-ruby (1.1.9)
    kramdown (2.3.1)
      rexml
    kramdown-parser-gfm (1.1.0)
      kramdown (~> 2.0)
    mdl (0.11.0)
      kramdown (~> 2.3)
      kramdown-parser-gfm (~> 1.1)
      mixlib-cli (~> 2.1, >= 2.1.1)
      mixlib-config (>= 2.2.1, < 4)
      mixlib-shellout
    mixlib-cli (2.1.8)
    mixlib-config (3.0.9)
      tomlrb
    mixlib-shellout (3.2.5)
      chef-utils
    parallel (1.22.1)
    parser (3.1.1.0)
      ast (~> 2.4.1)
    rainbow (3.1.1)
    rake (13.0.6)
    regexp_parser (2.3.0)
    rexml (3.2.5)
    rubocop (1.27.0)
      parallel (~> 1.10)
      parser (>= 3.1.0.0)
      rainbow (>= 2.2.2, < 4.0)
      regexp_parser (>= 1.8, < 3.0)
      rexml
      rubocop-ast (>= 1.16.0, < 2.0)
      ruby-progressbar (~> 1.7)
      unicode-display_width (>= 1.4.0, < 3.0)
    rubocop-ast (1.17.0)
      parser (>= 3.1.1.0)
    rubocop-rake (0.6.0)
      rubocop (~> 1.0)
    ruby-progressbar (1.11.0)
    tomlrb (2.0.1)
    unicode-display_width (2.1.0)

PLATFORMS
  arm64-darwin-20
  ruby

DEPENDENCIES
  mdl
  rake
  rubocop
  rubocop-rake

RUBY VERSION
   ruby 3.0.2p107

BUNDLED WITH
   2.2.30
